PATH
  remote: .
  specs:
    xmpp4r (0.5)
      nokogiri
      rake
      rdoc (> 2.4.2)

GEM
  remote: http://rubygems.org/
  specs:
    nokogiri (1.5.9)
    rake (0.9.6)
    rdoc (4.0.0)

PLATFORMS
  ruby

DEPENDENCIES
  rake (~> 0.9.0)
  xmpp4r!
